GEM
  remote: http://rubygems.org/
  specs:
    concurrent-ruby (1.0.2)
    diff-lcs (1.2.5)
    excel_to_code (0.3.17)
      ffi (~> 1.0, >= 1.0.11)
      ox (~> 2.0, >= 2.0.12)
      rspec (~> 2.7, >= 2.7.0)
      rubypeg (~> 0)
    ffi (1.9.14)
    json (2.0.2)
    ox (2.4.5)
    rack (1.6.4)
    rack-protection (1.5.3)
      rack
    rspec (2.99.0)
      rspec-core (~> 2.99.0)
      rspec-expectations (~> 2.99.0)
      rspec-mocks (~> 2.99.0)
    rspec-core (2.99.2)
    rspec-expectations (2.99.2)
      diff-lcs (>= 1.1.3, < 2.0)
    rspec-mocks (2.99.4)
    rubypeg (0.0.4)
      rubyscriptwriter
    rubyscriptwriter (0.0.2)
    sinatra (1.4.7)
      rack (~> 1.5)
      rack-protection (~> 1.4)
      tilt (>= 1.3, < 3)
    sprockets (3.2.0)
      concurrent-ruby (~> 1.0)
      rack (> 1, < 3)
    tilt (2.0.5)

PLATFORMS
  ruby

DEPENDENCIES
  excel_to_code (~> 0.3)
  ffi
  json
  sinatra
  sprockets
